{
  "PowerLineFrequency": 50,
  "EEGReference": "A1 A2",
  "TaskName": "unnamed",
  "EEGChannelCount": 6,
  "RecordingType": "continuous",
  "RecordingDuration": 430,
  "SamplingFrequency": 120,
  "EOGChannelCount": 0,
  "ECGChannelCount": 0,
  "EMGChannelCount": 0,
  "SoftwareFilters": "n/a"
}