{
  "PowerLineFrequency": 50,
  "EEGReference": "A1 A2",
  "TaskName": "unnamed",
  "EEGChannelCount": 24,
  "RecordingType": "continuous",
  "RecordingDuration": 470.52,
  "SamplingFrequency": 300,
  "EOGChannelCount": 0,
  "ECGChannelCount": 0,
  "EMGChannelCount": 0,
  "SoftwareFilters": "n/a"
}